GIT
  remote: git://github.com/alf-tool/alf-core.git
  revision: 2f00f6a16b12882fb34aa4d9bae006653731dab1
  specs:
    alf-core (0.15.0)
      domain (~> 1.0)
      myrrha (~> 3.0)
      path (~> 1.3)
      sexpr (~> 0.6.0)

GIT
  remote: git://github.com/alf-tool/alf-doc.git
  revision: 36b3c74c992840cc56eedd46356fda1c44c0599a
  specs:
    alf-doc (0.15.0)
      alf-core (~> 0.15.0)

GIT
  remote: git://github.com/alf-tool/alf-rack.git
  revision: ef7b6f347c8c8f74cac963a22169dc2ea496dd4b
  specs:
    alf-rack (0.15.0)
      alf-core (~> 0.15.0)
      rack (~> 1.5)
      rack-accept (~> 0.4.5)
      ruby_cop (~> 1.0)

GIT
  remote: git://github.com/alf-tool/alf-sequel.git
  revision: 147b8ee1b5eba2756a3fa7a88f8cc6d4bfd9126c
  specs:
    alf-sequel (0.15.0)
      alf-core (~> 0.15.0)
      alf-sql (~> 0.15.0)
      sequel (~> 4.2)

GIT
  remote: git://github.com/alf-tool/alf-sql.git
  revision: 605f280d30c6b3f374f49dc3e770d5f986b29e7e
  specs:
    alf-sql (0.15.0)
      alf-core (~> 0.15.0)
      sexpr (~> 0.6.0)

GEM
  remote: https://rubygems.org/
  specs:
    albino (1.3.3)
      posix-spawn (>= 0.3.6)
    backports (2.8.2)
    citrus (2.4.1)
    daemons (1.1.9)
    domain (1.0.0)
    eventmachine (1.0.3)
    myrrha (3.0.0)
      domain (~> 1.0)
    path (1.3.3)
    pg (0.17.0)
    posix-spawn (0.3.6)
    quickl (0.4.3)
    rack (1.5.2)
    rack-accept (0.4.5)
      rack (>= 0.4)
    rack-robustness (1.1.0)
    rack-timeout (0.0.4)
    rake (10.1.0)
    redcarpet (3.0.0)
    ruby_cop (1.0.5)
    sequel (4.3.0)
    sexpr (0.6.0)
    sqlite3 (1.3.8)
    temple (0.6.7)
    thin (1.6.0)
      daemons (>= 1.0.9)
      eventmachine (>= 1.0.0)
      rack (>= 1.5.0)
    wlang (2.2.3)
      backports (~> 2.6)
      citrus (~> 2.4.1)
      path (~> 1.3)
      quickl (~> 0.4.3)
      temple (~> 0.6)

PLATFORMS
  ruby

DEPENDENCIES
  albino (~> 1.3.3)
  alf-core!
  alf-doc!
  alf-rack!
  alf-sequel!
  alf-sql!
  pg (~> 0.17)
  rack-robustness (~> 1.1)
  rack-timeout
  rake
  redcarpet
  sequel (~> 4.2)
  sqlite3 (~> 1.3)
  thin
  wlang (~> 2.0)
