GIT
  remote: https://github.com/blambeau/RubyCop.git
  revision: dcc1e58e10130e85fc46d719a0f7e9612035023f
  specs:
    ruby_cop (1.0.5)

GIT
  remote: git://github.com/alf-tool/alf-rack.git
  revision: f2017e66983c19ad182693b21825003a7fc40cd9
  specs:
    alf-rack (0.17.0)
      alf-core (= 0.17.0)
      rack (~> 1.5)
      rack-accept (~> 0.4.5)
      ruby_cop (~> 1.0)

GIT
  remote: git://github.com/alf-tool/alf-sequel.git
  revision: 918de59890368a0fd89939ff6d2a5923ec38beea
  specs:
    alf-sequel (0.17.0)
      alf-core (= 0.17.0)
      alf-sql (= 0.17.0)
      sequel (~> 4.2)

GIT
  remote: git://github.com/alf-tool/alf-sql.git
  revision: cbd0c823ad87f118f0ac03ebd20636565e074c7f
  specs:
    alf-sql (0.17.0)
      alf-core (= 0.17.0)
      sexpr (~> 0.6.0)

GIT
  remote: git://github.com/alf-tool/alf-doc.git
  revision: 2726dade4ea1714632a598ec32b3295a22193be4
  specs:
    alf-doc (0.17.0)
      alf-core (= 0.17.0)

GIT
  remote: git://github.com/alf-tool/alf-core.git
  revision: 831927030370efec41db08e96abcee721fd28cce
  specs:
    alf-core (0.17.0)
      domain (~> 1.0)
      myrrha (~> 3.0)
      path (~> 1.3)
      sexpr (~> 0.6.0)

GEM
  remote: https://rubygems.org/
  specs:
    albino (1.3.3)
      posix-spawn (>= 0.3.6)
    backports (2.8.2)
    citrus (3.0.1)
    daemons (1.1.9)
    diff-lcs (1.2.5)
    domain (1.0.0)
    eventmachine (1.0.3)
    hike (1.2.3)
    multi_json (1.10.1)
    myrrha (3.1.0)
      domain (~> 1.0)
    path (1.3.3)
    pg (0.17.1)
    posix-spawn (0.3.9)
    quickl (0.4.3)
    rack (1.5.2)
    rack-accept (0.4.5)
      rack (>= 0.4)
    rack-protection (1.5.3)
      rack
    rack-robustness (1.1.0)
    rack-test (0.6.2)
      rack (>= 1.0)
    rack-timeout (0.1.1)
    rake (10.4.2)
    redcarpet (3.2.1)
    rspec (3.1.0)
      rspec-core (~> 3.1.0)
      rspec-expectations (~> 3.1.0)
      rspec-mocks (~> 3.1.0)
    rspec-core (3.1.7)
      rspec-support (~> 3.1.0)
    rspec-expectations (3.1.2)
      diff-lcs (>= 1.2.0, < 2.0)
      rspec-support (~> 3.1.0)
    rspec-mocks (3.1.3)
      rspec-support (~> 3.1.0)
    rspec-support (3.1.2)
    sequel (4.17.0)
    sexpr (0.6.0)
    sinatra (1.4.5)
      rack (~> 1.4)
      rack-protection (~> 1.4)
      tilt (~> 1.3, >= 1.3.4)
    sinatra-contrib (1.4.2)
      backports (>= 2.0)
      multi_json
      rack-protection
      rack-test
      sinatra (~> 1.4.0)
      tilt (~> 1.3)
    sinatra-reloader (1.0)
      sinatra-contrib
    sprockets (2.12.3)
      hike (~> 1.2)
      multi_json (~> 1.0)
      rack (~> 1.0)
      tilt (~> 1.1, != 1.3.0)
    sqlite3 (1.3.10)
    temple (0.7.0)
    thin (1.6.3)
      daemons (~> 1.0, >= 1.0.9)
      eventmachine (~> 1.0)
      rack (~> 1.0)
    tilt (1.4.1)
    wlang (2.3.1)
      backports (~> 2.6)
      citrus (>= 2.4, < 4.0)
      path (~> 1.3)
      quickl (~> 0.4.3)
      temple (~> 0.6)

PLATFORMS
  ruby

DEPENDENCIES
  albino (~> 1.3.3)
  alf-core!
  alf-doc!
  alf-rack!
  alf-sequel!
  alf-sql!
  pg (~> 0.17)
  rack-robustness (~> 1.1)
  rack-test (~> 0.6)
  rack-timeout
  rake
  redcarpet
  rspec (~> 3.0)
  ruby_cop!
  sequel (~> 4.2)
  sinatra (~> 1.4)
  sinatra-reloader (~> 1.0)
  sprockets (~> 2.0)
  sqlite3 (~> 1.3)
  thin
  wlang (~> 2.3)
