GIT
  remote: git://github.com/alf-tool/alf-rack.git
  revision: 00753d4249ba7f973b27fa3e21916eea111d45b6
  specs:
    alf-rack (0.16.0)
      alf-core (= 0.16.0)
      rack (~> 1.5)
      rack-accept (~> 0.4.5)
      ruby_cop (~> 1.0)

GIT
  remote: git://github.com/alf-tool/alf-sequel.git
  revision: 9416d302b45fcc0658a210f15fcd916f691fe86c
  specs:
    alf-sequel (0.16.0)
      alf-core (= 0.16.0)
      alf-sql (= 0.16.0)
      sequel (~> 4.2)

GIT
  remote: git://github.com/alf-tool/alf-sql.git
  revision: c733e389bdc32cd2bc8c7d5417d4f228d9403c68
  specs:
    alf-sql (0.16.0)
      alf-core (= 0.16.0)
      sexpr (~> 0.6.0)

GIT
  remote: git://github.com/alf-tool/alf-doc.git
  revision: 26e12252772f5a4adbb42a69bce0761e78356a56
  specs:
    alf-doc (0.16.0)
      alf-core (= 0.16.0)

GIT
  remote: git://github.com/alf-tool/alf-core.git
  revision: bdc5cd3fc39f4560c5d4dfec57259127adbf325b
  specs:
    alf-core (0.16.0)
      domain (~> 1.0)
      myrrha (~> 3.0)
      path (~> 1.3)
      sexpr (~> 0.6.0)

GEM
  remote: https://rubygems.org/
  specs:
    albino (1.3.3)
      posix-spawn (>= 0.3.6)
    backports (2.8.2)
    citrus (3.0.1)
    daemons (1.1.9)
    diff-lcs (1.2.5)
    domain (1.0.0)
    eventmachine (1.0.3)
    hike (1.2.3)
    multi_json (1.8.4)
    myrrha (3.0.0)
      domain (~> 1.0)
    path (1.3.3)
    pg (0.17.1)
    posix-spawn (0.3.8)
    quickl (0.4.3)
    rack (1.5.2)
    rack-accept (0.4.5)
      rack (>= 0.4)
    rack-protection (1.5.3)
      rack
    rack-robustness (1.1.0)
    rack-test (0.6.2)
      rack (>= 1.0)
    rack-timeout (0.0.4)
    rake (10.1.1)
    redcarpet (3.1.0)
    rspec (3.1.0)
      rspec-core (~> 3.1.0)
      rspec-expectations (~> 3.1.0)
      rspec-mocks (~> 3.1.0)
    rspec-core (3.1.7)
      rspec-support (~> 3.1.0)
    rspec-expectations (3.1.2)
      diff-lcs (>= 1.2.0, < 2.0)
      rspec-support (~> 3.1.0)
    rspec-mocks (3.1.3)
      rspec-support (~> 3.1.0)
    rspec-support (3.1.2)
    ruby_cop (1.0.5)
    sequel (4.7.0)
    sexpr (0.6.0)
    sinatra (1.4.5)
      rack (~> 1.4)
      rack-protection (~> 1.4)
      tilt (~> 1.3, >= 1.3.4)
    sinatra-contrib (1.4.2)
      backports (>= 2.0)
      multi_json
      rack-protection
      rack-test
      sinatra (~> 1.4.0)
      tilt (~> 1.3)
    sinatra-reloader (1.0)
      sinatra-contrib
    sprockets (2.10.1)
      hike (~> 1.2)
      multi_json (~> 1.0)
      rack (~> 1.0)
      tilt (~> 1.1, != 1.3.0)
    sqlite3 (1.3.8)
    temple (0.7.0)
    thin (1.6.1)
      daemons (>= 1.0.9)
      eventmachine (>= 1.0.0)
      rack (>= 1.0.0)
    tilt (1.4.1)
    wlang (2.3.1)
      backports (~> 2.6)
      citrus (>= 2.4, < 4.0)
      path (~> 1.3)
      quickl (~> 0.4.3)
      temple (~> 0.6)

PLATFORMS
  ruby

DEPENDENCIES
  albino (~> 1.3.3)
  alf-core!
  alf-doc!
  alf-rack!
  alf-sequel!
  alf-sql!
  pg (~> 0.17)
  rack-robustness (~> 1.1)
  rack-test (~> 0.6)
  rack-timeout
  rake
  redcarpet
  rspec (~> 3.0)
  sequel (~> 4.2)
  sinatra (~> 1.4)
  sinatra-reloader (~> 1.0)
  sprockets (~> 2.0)
  sqlite3 (~> 1.3)
  thin
  wlang (~> 2.3)
