GIT
  remote: git://github.com/alf-tool/alf-core.git
  revision: 2428ccabac6debf2d6fcdef6e28c0ac04a5939d3
  specs:
    alf-core (0.15.1)
      domain (~> 1.0)
      myrrha (~> 3.0)
      path (~> 1.3)
      sexpr (~> 0.6.0)

GIT
  remote: git://github.com/alf-tool/alf-doc.git
  revision: 5fcd59cfb718f4273da2819da10aec23e990b7b6
  specs:
    alf-doc (0.15.0)
      alf-core (~> 0.15.0)

GIT
  remote: git://github.com/alf-tool/alf-rack.git
  revision: 97fdaa8d75536add454bc4749c4af30052eea9e8
  specs:
    alf-rack (0.15.0)
      alf-core (~> 0.15.0)
      rack (~> 1.5)
      rack-accept (~> 0.4.5)
      ruby_cop (~> 1.0)

GIT
  remote: git://github.com/alf-tool/alf-sequel.git
  revision: ff63ee4eea061461df5f919f67cb24d163014245
  specs:
    alf-sequel (0.15.1)
      alf-core (~> 0.15.1)
      alf-sql (~> 0.15.1)
      sequel (~> 4.2)

GIT
  remote: git://github.com/alf-tool/alf-sql.git
  revision: 064af101b8bb5181443d7d67485b56f1022de06a
  specs:
    alf-sql (0.15.1)
      alf-core (~> 0.15.1)
      sexpr (~> 0.6.0)

GEM
  remote: https://rubygems.org/
  specs:
    albino (1.3.3)
      posix-spawn (>= 0.3.6)
    backports (2.8.2)
    citrus (2.4.1)
    daemons (1.1.9)
    domain (1.0.0)
    eventmachine (1.0.3)
    hike (1.2.3)
    multi_json (1.8.2)
    myrrha (3.0.0)
      domain (~> 1.0)
    path (1.3.3)
    pg (0.17.0)
    posix-spawn (0.3.6)
    quickl (0.4.3)
    rack (1.5.2)
    rack-accept (0.4.5)
      rack (>= 0.4)
    rack-robustness (1.1.0)
    rack-timeout (0.0.4)
    rake (10.1.0)
    redcarpet (3.0.0)
    ruby_cop (1.0.5)
    sequel (4.4.0)
    sexpr (0.6.0)
    sprockets (2.10.0)
      hike (~> 1.2)
      multi_json (~> 1.0)
      rack (~> 1.0)
      tilt (~> 1.1, != 1.3.0)
    sqlite3 (1.3.8)
    temple (0.6.7)
    thin (1.6.1)
      daemons (>= 1.0.9)
      eventmachine (>= 1.0.0)
      rack (>= 1.0.0)
    tilt (1.4.1)
    wlang (2.2.3)
      backports (~> 2.6)
      citrus (~> 2.4.1)
      path (~> 1.3)
      quickl (~> 0.4.3)
      temple (~> 0.6)

PLATFORMS
  ruby

DEPENDENCIES
  albino (~> 1.3.3)
  alf-core!
  alf-doc!
  alf-rack!
  alf-sequel!
  alf-sql!
  pg (~> 0.17)
  rack-robustness (~> 1.1)
  rack-timeout
  rake
  redcarpet
  sequel (~> 4.2)
  sprockets (~> 2.0)
  sqlite3 (~> 1.3)
  thin
  wlang (~> 2.0)
