GIT
  remote: git://github.com/alf-tool/alf-core.git
  revision: 2fe933802062d21bff53e81c7488de61f00f9450
  specs:
    alf-core (0.15.0)
      domain (~> 1.0)
      myrrha (~> 3.0)
      path (~> 1.3)
      sexpr (~> 0.6.0)

GIT
  remote: git://github.com/alf-tool/alf-rack.git
  revision: b56d7f19b77af215fa9efbcf6cc61f5674238a48
  specs:
    alf-rack (0.15.0)
      alf-core (~> 0.15.0)
      rack (~> 1.5)
      rack-accept (~> 0.4.5)
      ruby_cop (~> 1.0)

GIT
  remote: git://github.com/alf-tool/alf-sequel.git
  revision: 31ba40c5b29d47d86f1710f9f422ae3fad4b3477
  specs:
    alf-sequel (0.15.0)
      alf-core (~> 0.15.0)
      alf-sql (~> 0.15.0)
      sequel (~> 4.2)

GIT
  remote: git://github.com/alf-tool/alf-sql.git
  revision: 0afad79332f0de2b16cde16fa3db3cf9de050243
  specs:
    alf-sql (0.15.0)
      alf-core (~> 0.15.0)
      sexpr (~> 0.6.0)

GIT
  remote: git://github.com/alf-tool/alf-test.git
  revision: d83036f523fe39109f2e5d4484cdf383542082dc
  specs:
    alf-test (0.15.0)
      alf-core (~> 0.15.0)
      path (~> 1.3)

GEM
  remote: https://rubygems.org/
  specs:
    daemons (1.1.9)
    domain (1.0.0)
    eventmachine (1.0.3)
    myrrha (3.0.0)
      domain (~> 1.0)
    path (1.3.3)
    pg (0.17.0)
    rack (1.5.2)
    rack-accept (0.4.5)
      rack (>= 0.4)
    rack-robustness (1.1.0)
    ruby_cop (1.0.5)
    sequel (4.2.0)
    sexpr (0.6.0)
    sqlite3 (1.3.8)
    thin (1.5.1)
      daemons (>= 1.0.9)
      eventmachine (>= 0.12.6)
      rack (>= 1.0.0)

PLATFORMS
  ruby

DEPENDENCIES
  alf-core!
  alf-rack!
  alf-sequel!
  alf-sql!
  alf-test!
  pg (~> 0.17)
  rack-robustness (~> 1.1)
  sequel (~> 4.2)
  sqlite3 (~> 1.3)
  thin
